GEM
  remote: http://rubygems.org/
  specs:
    daemons (1.1.9)
    eventmachine (1.0.0)
    expectation (0.1.1)
    json (1.7.5)
    macaddr (1.5.0)
      systemu (>= 2.4.0)
    rack (1.4.1)
    rack-protection (1.2.0)
      rack
    rdoc (3.12)
      json (~> 1.4)
    redis (3.0.1)
    sinatra (1.3.3)
      rack (~> 1.3, >= 1.3.6)
      rack-protection (~> 1.2)
      tilt (~> 1.3, >= 1.3.3)
    systemu (2.5.0)
    thin (1.5.0)
      daemons (>= 1.0.9)
      eventmachine (>= 0.12.6)
      rack (>= 1.0.0)
    tilt (1.3.3)
    trollop (2.0)
    uuid (2.3.5)
      macaddr (~> 1.0)

PLATFORMS
  ruby

DEPENDENCIES
  bundler
  expectation
  rdoc
  redis
  sinatra
  thin
  trollop
  uuid
